PATH
  remote: .
  specs:
    mixml (0.0.3.pre.dev)
      commander (~> 4.2)
      docile (~> 1.1)
      erubis (~> 2.7)
      nokogiri (~> 1.6)

GEM
  remote: https://rubygems.org/
  specs:
    ansi (1.4.3)
    brass (1.2.1)
    commander (4.2.0)
      highline (~> 1.6.11)
    diff-lcs (1.2.5)
    docile (1.1.5)
    erubis (2.7.0)
    facets (2.9.3)
    highline (1.6.21)
    mini_portile (0.6.0)
    nokogiri (1.6.3.1)
      mini_portile (= 0.6.0)
    qed (2.9.1)
      ansi
      brass
      facets (>= 2.8)
    rake (10.3.2)
    rspec-collection_matchers (1.0.0)
      rspec-expectations (>= 2.99.0.beta1)
    rspec-expectations (3.0.4)
      diff-lcs (>= 1.2.0, < 2.0)
      rspec-support (~> 3.0.0)
    rspec-support (3.0.4)
    yard (0.8.7.4)
    yard-qed (0.1.0)
      yard

PLATFORMS
  ruby

DEPENDENCIES
  bundler (~> 1.6)
  mixml!
  qed (~> 2.9)
  rake
  rspec-collection_matchers (~> 1.0)
  rspec-expectations (~> 3.0)
  yard (~> 0.8)
  yard-qed (~> 0.1)
