PATH
  remote: .
  specs:
    mixml (0.0.1)
      commander (~> 4.2)
      docile (~> 1.1)
      erubis (~> 2.7)
      nokogiri (~> 1.6)

GEM
  remote: https://rubygems.org/
  specs:
    ansi (1.4.3)
    brass (1.2.1)
    commander (4.2.0)
      highline (~> 1.6.11)
    docile (1.1.5)
    erubis (2.7.0)
    facets (2.9.3)
    highline (1.6.21)
    mini_portile (0.6.0)
    nokogiri (1.6.3.1)
      mini_portile (= 0.6.0)
    qed (2.9.1)
      ansi
      brass
      facets (>= 2.8)
    rake (10.3.2)

PLATFORMS
  ruby

DEPENDENCIES
  bundler (~> 1.6)
  mixml!
  qed (~> 2.9)
  rake
